GEM
  remote: https://rubygems.org/
  specs:
    json (1.8.1)
    minitest (5.4.1)
    polyglot (0.3.5)
    rake (10.3.2)
    treetop (1.5.3)
      polyglot (~> 0.3)

PLATFORMS
  ruby

DEPENDENCIES
  json
  minitest
  rake
  treetop
