GEM
  remote: https://rubygems.org/
  specs:
    json (1.8.1)
    polyglot (0.3.5)
    treetop (1.5.3)
      polyglot (~> 0.3)

PLATFORMS
  ruby

DEPENDENCIES
  json
  treetop
